PATH
  remote: .
  specs:
    mdb-rb (0.1.0)

GEM
  remote: https://rubygems.org/
  specs:
    rake (10.0.4)

PLATFORMS
  ruby

DEPENDENCIES
  mdb-rb!
  rake
